GEM
  specs:
    rack (2.0.6)

PLATFORMS
  ruby

DEPENDENCIES
  rack

BUNDLED WITH
   1.17.3
